GEM
  remote: https://rubygems.org/
  specs:
    rack (1.5.2)
    slim (3.0.0)
      temple (~> 0.7.3)
      tilt (>= 1.3.3, < 2.1)
    temple (0.7.3)
    tilt (2.0.1)

PLATFORMS
  ruby

DEPENDENCIES
  rack
  slim
